GEM
  remote: https://rubygems.org/
  specs:
    arduino (0.4)
      serialport (>= 1.0.4)
    byebug (9.0.3)
    serialport (1.3.1)

PLATFORMS
  ruby

DEPENDENCIES
  arduino
  byebug

BUNDLED WITH
   1.11.2
